GEM
  remote: https://rubygems.org/
  specs:
    dotenv (2.0.0)
    fastenv (0.0.2)
    kramdown (1.6.0)
    tilt (2.0.1)

PLATFORMS
  ruby

DEPENDENCIES
  dotenv
  fastenv
  kramdown
  tilt

BUNDLED WITH
   1.17.2
